GEM
  remote: https://rubygems.org/
  specs:
    gosu (1.4.6)

PLATFORMS
  arm64-darwin-21

DEPENDENCIES
  gosu

RUBY VERSION
   ruby 3.2.2p53

BUNDLED WITH
   2.4.14
